GEM
  remote: https://rubygems.org/
  specs:
    pycall (1.0.2)

PLATFORMS
  ruby

DEPENDENCIES
  pycall

BUNDLED WITH
   1.15.4
